GEM
  remote: https://rubygems.org/
  specs:
    little-plugger (1.1.3)
    lockfile (2.1.0)
    logging (1.2.3)
      little-plugger (>= 1.1.1)
      lockfile (>= 1.4.3)

PLATFORMS
  ruby

DEPENDENCIES
  logging (~> 1.2.1)
